PATH
  remote: .
  specs:
    imap_notifier (0.2.9)
      highline
      ruby-growl
      terminal-notifier

GEM
  remote: https://rubygems.org/
  specs:
    ffi (1.12.2)
    highline (2.0.3)
    libnotify (0.9.4)
      ffi (>= 1.0.11)
    macaddr (1.7.2)
      systemu (~> 2.6.5)
    rake (13.0.1)
    ruby-growl (4.1)
      uuid (~> 2.3, >= 2.3.5)
    systemu (2.6.5)
    terminal-notifier (2.0.0)
    uuid (2.3.9)
      macaddr (~> 1.0)

PLATFORMS
  ruby

DEPENDENCIES
  bundler
  highline
  imap_notifier!
  libnotify
  rake (>= 12.3.3)
  ruby-growl
  terminal-notifier

BUNDLED WITH
   2.1.4
