GEM
  remote: https://rubygems.org/
  specs:
    highline (1.6.19)
    terminal-notifier (1.4.2)

PLATFORMS
  ruby

DEPENDENCIES
  highline
  terminal-notifier
